GEM
  remote: http://rubygems.org/
  specs:
    addressable (2.8.1)
      public_suffix (>= 2.0.2, < 6.0)
    data_objects (0.10.17)
      addressable (~> 2.1)
    diff-lcs (1.5.0)
    dm-core (1.2.1)
      addressable (~> 2.3)
    dm-do-adapter (1.2.0)
      data_objects (~> 0.10.6)
      dm-core (~> 1.2.0)
    dm-migrations (1.2.0)
      dm-core (~> 1.2.0)
    dm-postgres-adapter (1.2.0)
      dm-do-adapter (~> 1.2.0)
      do_postgres (~> 0.10.6)
    dm-sqlite-adapter (1.2.0)
      dm-do-adapter (~> 1.2.0)
      do_sqlite3 (~> 0.10.6)
    do_postgres (0.10.17)
      data_objects (= 0.10.17)
    do_sqlite3 (0.10.17)
      data_objects (= 0.10.17)
    haml (6.1.1)
      temple (>= 0.8.2)
      thor
      tilt
    hashie (5.0.0)
    multi_json (1.15.0)
    mustermann (3.0.0)
      ruby2_keywords (~> 0.0.1)
    oauth (1.1.0)
      oauth-tty (~> 1.0, >= 1.0.1)
      snaky_hash (~> 2.0)
      version_gem (~> 1.1)
    oauth-tty (1.0.5)
      version_gem (~> 1.1, >= 1.1.1)
    omniauth (2.1.1)
      hashie (>= 3.4.6)
      rack (>= 2.2.3)
      rack-protection
    omniauth-oauth (1.2.0)
      oauth
      omniauth (>= 1.0, < 3)
    omniauth-twitter (1.4.0)
      omniauth-oauth (~> 1.1)
      rack
    psych (5.1.0)
      stringio
    public_suffix (5.0.1)
    rack (2.2.8.1)
    rack-flash3 (1.0.5)
      rack
    rack-protection (3.0.5)
      rack
    rcov (0.9.11)
    rdoc (6.5.0)
      psych (>= 4.0.0)
    rspec (3.12.0)
      rspec-core (~> 3.12.0)
      rspec-expectations (~> 3.12.0)
      rspec-mocks (~> 3.12.0)
    rspec-core (3.12.1)
      rspec-support (~> 3.12.0)
    rspec-expectations (3.12.2)
      diff-lcs (>= 1.2.0, < 2.0)
      rspec-support (~> 3.12.0)
    rspec-mocks (3.12.3)
      diff-lcs (>= 1.2.0, < 2.0)
      rspec-support (~> 3.12.0)
    rspec-support (3.12.0)
    ruby2_keywords (0.0.5)
    simplecov (0.6.4)
      multi_json (~> 1.0)
      simplecov-html (~> 0.5.3)
    simplecov-html (0.5.3)
    sinatra (3.0.5)
      mustermann (~> 3.0)
      rack (~> 2.2, >= 2.2.4)
      rack-protection (= 3.0.5)
      tilt (~> 2.0)
    snaky_hash (2.0.1)
      hashie
      version_gem (~> 1.1, >= 1.1.1)
    sqlite3 (1.6.1-x86_64-darwin)
    sqlite3 (1.6.1-x86_64-linux)
    stringio (3.0.5)
    temple (0.10.0)
    thor (1.2.1)
    tilt (2.1.0)
    uuidtools (2.2.0)
    version_gem (1.1.1)

PLATFORMS
  x86_64-darwin-18
  x86_64-linux

DEPENDENCIES
  addressable
  dm-core
  dm-migrations
  dm-postgres-adapter
  dm-sqlite-adapter
  haml (>= 3.1.1)
  omniauth
  omniauth-twitter
  rack-flash3
  rcov (~> 0.9.11)
  rdoc (>= 2.4.0)
  rspec (~> 3)
  simplecov (~> 0.6.4)
  sinatra
  sqlite3
  uuidtools

BUNDLED WITH
   2.3.16
